PATH
  remote: .
  specs:
    paddle (1.1.2)
      faraday (~> 2.0)

GEM
  remote: https://rubygems.org/
  specs:
    dotenv (2.7.6)
    faraday (2.7.10)
      faraday-net_http (>= 2.0, < 3.1)
      ruby2_keywords (>= 0.0.4)
    faraday-net_http (3.0.2)
    minitest (5.19.0)
    rake (13.0.6)
    ruby2_keywords (0.0.5)
    vcr (6.2.0)

PLATFORMS
  x86_64-linux

DEPENDENCIES
  dotenv
  minitest (~> 5.0)
  paddle!
  rake (~> 13.0)
  vcr

BUNDLED WITH
   2.3.22
